GEM
  specs:
    childprocess (0.5.9)
      ffi (~> 1.0, >= 1.0.11)
    facets (3.1.0)
    ffi (1.9.14)
    json (1.8.2)
    psych (2.0.8)
    rubyzip (1.2.0)
    selenium-webdriver (2.53.4)
      childprocess (~> 0.5)
      rubyzip (~> 1.0)
      websocket (~> 1.0)
    webdriver-user-agent (7.4)
      facets
      json
      psych
      selenium-webdriver
    websocket (1.2.3)

PLATFORMS
  ruby

DEPENDENCIES
  selenium-webdriver
  webdriver-user-agent

BUNDLED WITH
   1.10.2
